GEM
  remote: https://rubygems.org/
  specs:
    abstract_type (0.0.7)
    adamantium (0.2.0)
      ice_nine (~> 0.11.0)
      memoizable (~> 0.4.0)
    anima (0.3.0)
      abstract_type (~> 0.0.7)
      adamantium (~> 0.2)
      equalizer (~> 0.0.11)
    dry-equalizer (0.2.0)
    equalizer (0.0.11)
    erubis (2.7.0)
    ice_nine (0.11.2)
    memoizable (0.4.2)
      thread_safe (~> 0.3, >= 0.3.1)
    minitest (5.9.0)
    pg (0.18.4)
    rack (1.6.4)
    roda (2.14.0)
      rack
    rom (1.0.0)
      dry-equalizer (~> 0.2)
      rom-mapper (~> 0.3.0)
      rom-support (~> 1.0.0)
    rom-mapper (0.3.0)
      dry-equalizer (~> 0.2)
      rom-support (~> 1.0.0)
      transproc (~> 0.4.0)
    rom-repository (0.2.0)
      anima (~> 0.2, >= 0.2)
      rom (~> 1.0.0)
      rom-mapper (~> 0.3.0)
      rom-support (~> 1.0.0)
    rom-sql (0.7.0)
      dry-equalizer (~> 0.2)
      rom (~> 1.0.0)
      sequel (~> 4.18)
    rom-support (1.0.0)
      dry-equalizer (~> 0.2)
      transproc (~> 0.4.0)
      wisper (~> 1.6, >= 1.6.0)
    sequel (4.35.0)
    thread_safe (0.3.5)
    transproc (0.4.0)
    wisper (1.6.1)

PLATFORMS
  ruby

DEPENDENCIES
  erubis
  minitest
  pg
  roda
  rom
  rom-repository
  rom-sql

RUBY VERSION
   ruby 2.3.1p112

BUNDLED WITH
   1.12.3
